GEM
  remote: https://rubygems.org/
  specs:
    lazy_priority_queue (0.1.1)
    pmap (1.1.1)

PLATFORMS
  x86_64-darwin-20

DEPENDENCIES
  lazy_priority_queue
  pmap (~> 1.1.1)

BUNDLED WITH
   2.2.32
