GEM
  remote: https://rubygems.org/
  specs:
    lazy_priority_queue (0.1.1)
    parallel (1.21.0)

PLATFORMS
  x86_64-darwin-20

DEPENDENCIES
  lazy_priority_queue
  parallel (~> 1.21.0)

BUNDLED WITH
   2.2.32
